RESTRICTION: == net6.0
NUGET
  remote: https://api.nuget.org/v3/index.json
    Aether (8.3.1)
      FSharp.Core (>= 4.3.4)
    Amazon.Lambda.Core (2.1)
    Amazon.Lambda.Serialization.Json (2.1)
      Amazon.Lambda.Core (>= 2.1)
      Newtonsoft.Json (>= 13.0.1)
    Chiron (6.3.1)
      Aether (>= 8.2)
      FParsec (>= 1.0.3)
      FSharp.Core (>= 4.3.4)
    Expecto (9.0.4)
      FSharp.Core (>= 4.6)
      Mono.Cecil (>= 0.11.3)
    FParsec (1.1.1)
      FSharp.Core (>= 4.3.4)
    FSharp.Core (6.0.5)
    FSharp.Data (4.2.9)
      FSharp.Core (>= 5.0.1)
    Microsoft.FSharpLu.Json (0.11.7)
      FSharp.Core (>= 4.5.4)
      Newtonsoft.Json (>= 10.0.3)
    Mono.Cecil (0.11.4)
    Newtonsoft.Json (13.0.1)
